GEM
  remote: https://rubygems.org/
  specs:
    archive-tar-minitar (0.5.2)
    diff-lcs (1.2.5)
    docker-api (1.7.6)
      archive-tar-minitar
      excon (>= 0.28)
      json
    excon (0.31.0)
    highline (1.6.20)
    json (1.8.1)
    net-ssh (2.8.0)
    rake (10.1.1)
    rspec (2.14.1)
      rspec-core (~> 2.14.0)
      rspec-expectations (~> 2.14.0)
      rspec-mocks (~> 2.14.0)
    rspec-core (2.14.7)
    rspec-expectations (2.14.5)
      diff-lcs (>= 1.1.3, < 2.0)
    rspec-mocks (2.14.5)
    serverspec (0.15.2)
      highline
      net-ssh
      rspec (>= 2.13.0)
      specinfra (>= 0.5.6)
    specinfra (0.5.6)

PLATFORMS
  ruby

DEPENDENCIES
  docker-api
  rake
  serverspec
